PATH
  remote: .
  specs:
    redis_timeline (0.1.6)
      activemodel (~> 3.2)
      activesupport (~> 3.2)
      hashie
      multi_json
      redis
      redis-namespace

GEM
  remote: http://rubygems.org/
  specs:
    activemodel (3.2.3)
      activesupport (= 3.2.3)
      builder (~> 3.0.0)
    activesupport (3.2.3)
      i18n (~> 0.6)
      multi_json (~> 1.0)
    builder (3.0.0)
    diff-lcs (1.1.3)
    hashie (1.2.0)
    i18n (0.6.0)
    multi_json (1.3.4)
    redis (2.2.2)
    redis-namespace (1.0.3)
      redis (< 3.0.0)
    rspec (2.10.0)
      rspec-core (~> 2.10.0)
      rspec-expectations (~> 2.10.0)
      rspec-mocks (~> 2.10.0)
    rspec-core (2.10.1)
    rspec-expectations (2.10.0)
      diff-lcs (~> 1.1.3)
    rspec-mocks (2.10.1)
    sqlite3 (1.3.5)

PLATFORMS
  ruby

DEPENDENCIES
  redis_timeline!
  rspec
  sqlite3
