PATH
  remote: .
  specs:
    redis-timeline (0.1.6)
      activemodel (~> 3.2)
      activesupport (~> 3.2)
      hashie
      multi_json
      redis

GEM
  remote: http://rubygems.org/
  specs:
    activemodel (3.2.3)
      activesupport (= 3.2.3)
      builder (~> 3.0.0)
    activesupport (3.2.3)
      i18n (~> 0.6)
      multi_json (~> 1.0)
    builder (3.0.0)
    hashie (1.2.0)
    i18n (0.6.0)
    multi_json (1.3.4)
    redis (2.2.2)
    sqlite3 (1.3.5)

PLATFORMS
  ruby

DEPENDENCIES
  redis-timeline!
  sqlite3
